GEM
  remote: https://rubygems.org/
  specs:
    amq-protocol (2.3.0)
    bunny (2.9.2)
      amq-protocol (~> 2.3.0)
    concurrent-ruby (1.0.5)
    dotenv (2.5.0)
    serverengine (2.0.7)
      sigdump (~> 0.2.2)
    sigdump (0.2.4)
    sneakers (2.7.0)
      bunny (~> 2.9.2)
      concurrent-ruby (~> 1.0)
      serverengine (~> 2.0.5)
      thor
    thor (0.20.0)

PLATFORMS
  ruby

DEPENDENCIES
  bundler
  bunny
  dotenv
  sneakers

RUBY VERSION
   ruby 2.5.1p57

BUNDLED WITH
   1.16.3
